NUGET
  remote: https://nuget.org/api/v2
  specs:
    ApiaryProvider (1.0.2) - framework: >= net45
    DotNetZip (1.9.3)
    Edge.js (0.9.2) - framework: >= net45
    FAKE (3.35.0)
    FParsec (1.0.1)
    FSharp.Compiler.CodeDom (0.9.2)
    FSharp.Compiler.Service (0.0.89)
    FSharp.Control.Reactive (2.4.0) - framework: >= net45
      Rx-Core (>= 2.2.5)
      Rx-Interfaces (>= 2.2.5)
      Rx-Linq (>= 2.2.5)
    FSharp.Data (2.0.9) - framework: >= net45
    FSharp.Formatting (2.9.6)
      FSharp.Compiler.Service (>= 0.0.87)
      FSharpVSPowerTools.Core (1.8.0)
    FSharpVSPowerTools.Core (1.8.0)
      FSharp.Compiler.Service (>= 0.0.87)
    FunScript.TypeScript.Binding.google_maps (1.1.0.37) - framework: >= net45
      FunScript.TypeScript.Binding.lib (>= 1.1.0.37)
    FunScript.TypeScript.Binding.highcharts (1.1.0.37) - framework: >= net45
      FunScript.TypeScript.Binding.jquery (>= 1.1.0.37)
      FunScript.TypeScript.Binding.lib (>= 1.1.0.37)
    FunScript.TypeScript.Binding.jquery (1.1.0.37)
      FunScript.TypeScript.Binding.lib (>= 1.1.0.37)
    FunScript.TypeScript.Binding.jqueryui (1.1.0.37) - framework: >= net45
      FunScript.TypeScript.Binding.jquery (>= 1.1.0.37)
      FunScript.TypeScript.Binding.lib (>= 1.1.0.37)
    FunScript.TypeScript.Binding.lib (1.1.0.37)
    NuGet.CommandLine (2.8.5)
    NUnit (2.6.4)
    NUnit.Runners (2.6.4)
    Rx-Core (2.2.5)
      Rx-Interfaces (>= 2.2.5)
    Rx-Interfaces (2.2.5)
    Rx-Linq (2.2.5)
      Rx-Core (>= 2.2.5)
      Rx-Interfaces (>= 2.2.5)
GITHUB
  remote: Reactive-Extensions/RxJS
  specs:
    dist/rx.all.js (7c0b4214cdc429f39693af7407536cc13d791dff)